PATH
  remote: .
  specs:
    activerecord_cloneable (0.2.0)
      activerecord (< 4)

GEM
  remote: http://www.rubygems.org/
  specs:
    activemodel (3.2.17)
      activesupport (= 3.2.17)
      builder (~> 3.0.0)
    activerecord (3.2.17)
      activemodel (= 3.2.17)
      activesupport (= 3.2.17)
      arel (~> 3.0.2)
      tzinfo (~> 0.3.29)
    activesupport (3.2.17)
      i18n (~> 0.6, >= 0.6.4)
      multi_json (~> 1.0)
    arel (3.0.3)
    builder (3.0.4)
    i18n (0.6.9)
    multi_json (1.8.4)
    sqlite3 (1.3.8)
    tzinfo (0.3.38)

PLATFORMS
  ruby

DEPENDENCIES
  activerecord_cloneable!
  sqlite3
